GEM
  remote: https://rubygems.org/
  specs:
    power_assert (1.1.1)
    rake (13.0.6)
    test-unit (3.2.7)
      power_assert

PLATFORMS
  ruby

DEPENDENCIES
  rake
  test-unit

BUNDLED WITH
   1.17.2
